##TITLE= Parameter file, TopSpin 4.1.3
##JCAMPDX= 5.0
##DATATYPE= Parameter Values
##NPOINTS= 48	$$ modification sequence number
##ORIGIN= Bruker BioSpin GmbH
##OWNER= nmrsu
$$ 2023-01-12 14:50:58.802 +0100  ead17@CZC1249Y8X
$$ /opt/nmrdata/data/ead17/2023/8Carbios_ICCG_exchange/1004//specpar
$$ process /opt/topspin4.1.3/prog/mod/acqdataserver
##$ANCIEN= (0..7)
0 0 0 0 0 0 0 0
##$BF1= 100.13
##$BF2= 100.13
##$BF3= 100.13
##$DEC= 1
##$DECB= 1
##$DEF19F= yes
##$DEFRSEL= yes
##$HPMOD= (0..32)
0 0 0 0 0 0 0 0 0 0 0 0 0 0 0 0 0 0 0 0 0 0 0 0 0 0 0 0 0 0 0 0 0
##$HPPRECH= (0..32)
-1 -1 -1 -1 -1 -1 -1 -1 -1 -1 -1 -1 -1 -1 -1 -1 -1 -1 -1 -1 -1 -1 -1 -1
-1 -1 -1 -1 -1 -1 -1 -1 -1
##$HPSELECT= yes
##$LOCSW19F= -1
##$LOCSW2H= -1
##$NUC1= 1
##$NUC2= 1
##$NUC3= 0
##$NUC4= 0
##$NUC5= 0
##$NUC6= 0
##$NUC7= 0
##$NUC8= 0
##$NUCARR= (0..123)
800.13 800.13 122.824826672 853.450455166 609.530840669 117.747818912 310.960898936
112.432771357 85.963230755 256.713501166 201.192848526 57.819930212 81.076468786
108.469279394 752.874410214 63.164630585 211.64958747 48.981038126 208.488745917
158.963323343 323.898560965 61.4179788 78.396009282 65.256402443 37.337050285
46.423686623 20.493769697 53.848981038 194.365555271 45.107600794 45.119626748
79.775433402 210.457777832 45.227316245 198.345969983 25.906433111 189.847437196
71.500024866 212.158254115 227.266468801 50.062557844 192.04203376 244.013277715
27.91105481 137.003171398 152.596896967 41.748559039 200.464410174 216.087252473
30.78580188 77.252095426 261.80616859 34.676209969 39.207954257 74.382469187
195.841179021 52.143880004 53.238209804 180.095868824 36.847194696 41.29766178
25.495718381 36.61474893 32.387814165 37.234313593 169.751420124 177.574251128
174.954465482 175.329518418 261.792526374 285.104393937 298.373533822 191.47572575
103.690582982 209.391956665 252.4391667 160.085897732 222.517641242 65.962085097
104.946186985 79.488570794 88.917870806 105.57155259 113.023491333 244.999806
43.607085 26.884368 33.365421 27.524472 198.912318 87.854274 24.563991
32.245239 192.351252 27.524472 38.566266 170.747742 23.043744 66.330777
140.017197098 38.5742673 91.2468252 65.0585703 32.0612091 20.1392721 95.93238648
33.336512303 180.22608198 182.04237708 18.26161503 62.13329502 13.7462334
14.9704323 172.002217819 13.8342477 143.309860069 52.901259058 457.05986016
461.545692989 167.391988779 128.575194074 14.73359382 29.044719 100
##$NUCOFFS= (0..127)
<15N> <1H> <19F> <31P> <2H> <6Li> <13C> <11B> <> <> <> <> <> <> <> <> <>
<> <> <> <> <> <> <> <> <> <> <> <> <> <> <> <> <> <> <> <> <> <> <> <>
<> <> <> <> <> <> <> <> <> <> <> <> <> <> <> <> <> <> <> <> <> <> <> <>
<> <> <> <> <> <> <> <> <> <> <> <> <> <> <> <> <> <> <> <> <> <> <> <>
<> <> <> <> <> <> <> <> <> <> <> <> <> <> <> <> <> <> <> <> <> <> <> <>
<> <> <> <> <> <> <> <> <> <> <> <> <> <> <>
##$OBS= 1
##$OFFS= (0..127)
0 0 0 0 0 0 0 0 0 0 0 0 0 0 0 0 0 0 0 0 0 0 0 0 0 0 0 0 0 0 0 0 0 0 0 0
0 0 0 0 0 0 0 0 0 0 0 0 0 0 0 0 0 0 0 0 0 0 0 0 0 0 0 0 0 0 0 0 0 0 0 0
0 0 0 0 0 0 0 0 0 0 0 0 0 0 0 0 0 0 0 0 0 0 0 0 0 0 0 0 0 0 0 0 0 0 0 0
0 0 0 0 0 0 0 0 0 0 0 0 0 0 0 0 0 0 0 0
##$OFFSF= (0..7)
0 0 0 0 0 0 0 0
##$OFFSH= (0..7)
0 0 0 0 0 0 0 0
##$OFFSX= (0..7)
0 0 0 0 0 0 0 0
##$OFFSXAS= (0..7)
0 0 0 0 0 0 0 0
##$OFSF1= 0
##$OFSF2= 0
##$OFSH1= 0
##$OFSH2= 0
##$OFSH3= 0
##$OFSX1= 0
##$OFSX2= 0
##$OFSY= 0
##$PACOIL= (0..32)
0 0 0 0 0 0 0 0 0 0 0 0 0 0 0 0 0 0 0 0 0 0 0 0 0 0 0 0 0 0 0 0 0
##$PRECHAN= (0..32)
-1 2 3 0 1 4 -1 5 -1 -1 -1 -1 -1 -1 -1 -1 -1 -1 -1 -1 -1 -1 -1 -1 -1 -1
-1 -1 -1 -1 -1 -1 -1
##$RECPRE= (0..25)
-1 0 1 2 4 5 -1 -1 -1 -1 -1 -1 -1 -1 -1 -1 -1 -1 -1 -1 -1 -1 -1 -1 -1 -1
##$RECPRFX= (0..32)
1 1 1 0 1 1 0 0 0 0 0 0 0 0 0 0 0 0 0 0 0 0 0 0 0 0 0 0 0 0 0 0 0
##$RECSEL= (0..24)
0 1 2 3 4 5 6 7 8 9 10 11 12 13 14 15 16 17 18 19 20 21 22 23 24
##$SELREC= (0..24)
0 0 0 0 0 0 0 0 0 0 0 0 0 0 0 0 0 0 0 0 0 0 0 0 0
##$SFO1= 800.133761
##$SFO2= 800.13
##$SFO3= 800.13
##$SFO4= 800.13
##$SFO5= 800.13
##$SFO6= 800.133761
##$SFO7= 800.133761
##$SFO8= 800.133761
##$TY= (0..123)
0 0 0 0 0 0 0 0 0 0 0 0 0 0 0 0 0 0 0 0 0 0 0 0 0 0 0 0 0 0 0 0 0 0 0 0
0 0 0 0 0 0 0 0 0 0 0 0 0 0 0 0 0 0 0 0 0 0 0 0 0 0 0 0 0 0 0 0 0 0 0 0
0 0 0 0 0 0 0 0 0 0 0 0 0 0 0 0 0 0 0 0 0 0 0 0 0 0 0 0 0 0 0 0 0 0 0 0
0 0 0 0 0 0 0 0 0 0 0 0 0 0 0 0
##END=
